PATH
  remote: .
  specs:
    polaris_icons (0.2.3)

GEM
  remote: https://rubygems.org/
  specs:
    ansi (1.5.0)
    builder (3.2.3)
    byebug (11.0.1)
    domain_name (0.5.20180417)
      unf (>= 0.0.5, < 1.0.0)
    highline (1.6.20)
    http-cookie (1.0.3)
      domain_name (~> 0.5)
    json (2.2.0)
    json_pure (1.8.1)
    metaclass (0.0.4)
    mime-types (3.2.2)
      mime-types-data (~> 3.2015)
    mime-types-data (3.2018.0812)
    minitest (5.11.3)
    minitest-reporters (1.3.8)
      ansi
      builder
      minitest (>= 5.0)
      ruby-progressbar
    mocha (1.9.0)
      metaclass (~> 0.0.1)
    netrc (0.11.0)
    package_cloud (0.3.05)
      highline (= 1.6.20)
      json_pure (= 1.8.1)
      rainbow (= 2.2.2)
      rest-client (~> 2.0)
      thor (~> 0.18)
    rainbow (2.2.2)
      rake
    rake (10.5.0)
    rest-client (2.0.2)
      http-cookie (>= 1.0.2, < 2.0)
      mime-types (>= 1.16, < 4.0)
      netrc (~> 0.8)
    ruby-progressbar (1.10.1)
    thor (0.20.3)
    unf (0.1.4)
      unf_ext
    unf_ext (0.0.7.5)

PLATFORMS
  ruby

DEPENDENCIES
  bundler (~> 1.17)
  byebug (~> 11.0)
  json (~> 2.2)
  minitest (~> 5.11)
  minitest-reporters
  mocha
  package_cloud
  polaris_icons!
  rake (~> 10.0)

BUNDLED WITH
   1.17.3
