PATH
  remote: .
  specs:
    polaris_icons (0.3.0)

GEM
  remote: https://rubygems.org/
  specs:
    ansi (1.5.0)
    builder (3.2.3)
    colorize (0.8.1)
    highline (1.7.10)
    json (2.2.0)
    json_pure (1.8.6)
    metaclass (0.0.4)
    mime-types (3.3)
      mime-types-data (~> 3.2015)
    mime-types-data (3.2019.0904)
    minitest (5.11.3)
    minitest-reporters (1.3.8)
      ansi
      builder
      minitest (>= 5.0)
      ruby-progressbar
    mocha (1.9.0)
      metaclass (~> 0.0.1)
    package_cloud (0.2.20)
      colorize (~> 0.6)
      highline (~> 1.6)
      json_pure (~> 1.8)
      rest-client (~> 1.6)
      thor (~> 0.18)
    rake (10.5.0)
    rest-client (1.6.7)
      mime-types (>= 1.16)
    ruby-progressbar (1.10.1)
    thor (0.20.3)

PLATFORMS
  ruby

DEPENDENCIES
  json (~> 2.2)
  minitest (~> 5.11)
  minitest-reporters
  mocha
  package_cloud
  polaris_icons!
  rake (~> 10.0)

BUNDLED WITH
   2.0.1
